NUGET
  remote: https://nuget.org/api/v2
  specs:
    FAKE (3.17.0)
    NuGet.CommandLine (2.8.3)
    NUnit (2.6.4)
    NUnit.Runners (2.6.4)
